RESTRICTION: == net462
NUGET
  remote: https://www.nuget.org/api/v2
    FAKE (4.63)
    FSharp.Core (4.2.3)
    Microsoft.Owin (3.1)
      Owin (>= 1.0)
    Owin (1.0)
    Suave (2.2.1)
      FSharp.Core (>= 4.0.0.1)
    Zafir (4.0.187.90-beta10)
    Zafir.FSharp (4.0.187.90-beta10)
      Zafir (>= 4.0.187.90-beta10)
    Zafir.Owin (4.0.91.48-beta10)
      Microsoft.Owin (>= 3.1)
      Owin (>= 1.0)
      Zafir (>= 4.0.187.90-beta10)
    Zafir.Suave (4.0.103.56-beta10)
      FSharp.Core (>= 4.0.0.1)
      Suave (>= 2.2.1)
      Zafir (>= 4.0.187.90-beta10)
      Zafir.Owin (>= 4.0.91.48-beta10)
    Zafir.UI.Next (4.0.167.77-beta10)
      Zafir (>= 4.0.187.90-beta10)
